GEM
  remote: https://rubygems.org/
  specs:
    coderay (1.1.2)
    httparty (0.15.6)
      multi_xml (>= 0.5.2)
    json (2.1.0)
    method_source (0.9.0)
    multi_xml (0.6.0)
    pry (0.11.2)
      coderay (~> 1.1.0)
      method_source (~> 0.9.0)
    rake (12.2.1)

PLATFORMS
  ruby

DEPENDENCIES
  httparty
  json
  pry
  rake

BUNDLED WITH
   1.16.0
